GEM
  remote: http://rubygems.org/
  specs:
    abstract (1.0.0)
    actionpack (3.0.0)
      activemodel (= 3.0.0)
      activesupport (= 3.0.0)
      builder (~> 2.1.2)
      erubis (~> 2.6.6)
      i18n (~> 0.4.1)
      rack (~> 1.2.1)
      rack-mount (~> 0.6.12)
      rack-test (~> 0.5.4)
      tzinfo (~> 0.3.23)
    activemerchant (1.7.3)
      activesupport (>= 2.3.2)
      braintree (>= 2.0.0)
      builder (>= 2.0.0)
    activemodel (3.0.0)
      activesupport (= 3.0.0)
      builder (~> 2.1.2)
      i18n (~> 0.4.1)
    activesupport (3.0.0)
    braintree (2.5.2)
      builder
    builder (2.1.2)
    columnize (0.3.1)
    erubis (2.6.6)
      abstract (>= 1.0.0)
    gemcutter (0.6.1)
    git (1.2.5)
    i18n (0.4.1)
    jeweler (1.4.0)
      gemcutter (>= 0.1.0)
      git (>= 1.2.5)
      rubyforge (>= 2.0.0)
    json_pure (1.4.6)
    linecache (0.43)
    mocha (0.9.8)
      rake
    money (3.1.0)
    rack (1.2.1)
    rack-mount (0.6.13)
      rack (>= 1.0.0)
    rack-test (0.5.4)
      rack (>= 1.0)
    rake (0.8.7)
    ruby-debug (0.10.3)
      columnize (>= 0.1)
      ruby-debug-base (~> 0.10.3.0)
    ruby-debug-base (0.10.3)
      linecache (>= 0.3)
    rubyforge (2.0.4)
      json_pure (>= 1.1.7)
    tzinfo (0.3.23)

PLATFORMS
  ruby

DEPENDENCIES
  actionpack (= 3.0.0)
  activemerchant (= 1.7.3)
  jeweler (= 1.4.0)
  mocha (= 0.9.8)
  money (= 3.1.0)
  ruby-debug (= 0.10.3)
